GEM
  remote: https://rubygems.org/
  specs:
    addressable (2.5.2)
      public_suffix (>= 2.0.2, < 4.0)
    ast (2.3.0)
    capybara (2.13.0)
      addressable
      mime-types (>= 1.16)
      nokogiri (>= 1.3.3)
      rack (>= 1.0.0)
      rack-test (>= 0.5.4)
      xpath (~> 2.0)
    capybara-webkit (1.14.0)
      capybara (>= 2.3.0, < 2.14.0)
      json
    json (2.1.0)
    mime-types (3.1)
      mime-types-data (~> 3.2015)
    mime-types-data (3.2016.0521)
    mini_portile2 (2.2.0)
    nokogiri (1.8.0)
      mini_portile2 (~> 2.2.0)
    parser (2.3.1.2)
      ast (~> 2.2)
    powerpack (0.1.1)
    public_suffix (3.0.0)
    rack (2.0.3)
    rack-test (0.7.0)
      rack (>= 1.0, < 3)
    rainbow (2.1.0)
    rubocop (0.46.0)
      parser (>= 2.3.1.1, < 3.0)
      powerpack (~> 0.1)
      rainbow (>= 1.99.1, < 3.0)
      ruby-progressbar (~> 1.7)
      unicode-display_width (~> 1.0, >= 1.0.1)
    ruby-progressbar (1.8.1)
    unicode-display_width (1.1.0)
    xpath (2.1.0)
      nokogiri (~> 1.3)

PLATFORMS
  ruby

DEPENDENCIES
  capybara
  capybara-webkit
  rubocop

BUNDLED WITH
   1.12.5
